GEM
  remote: http://rubygems.org/
  specs:
    activemodel (4.1.1)
      activesupport (= 4.1.1)
      builder (~> 3.1)
    activerecord (4.1.1)
      activemodel (= 4.1.1)
      activesupport (= 4.1.1)
      arel (~> 5.0.0)
    activesupport (4.1.1)
      i18n (~> 0.6, >= 0.6.9)
      json (~> 1.7, >= 1.7.7)
      minitest (~> 5.1)
      thread_safe (~> 0.1)
      tzinfo (~> 1.1)
    arel (5.0.1.20140414130214)
    bootstrap-sass (2.3.2.2)
      sass (~> 3.2)
    builder (3.2.2)
    chunky_png (1.3.1)
    compass (0.12.6)
      chunky_png (~> 1.2)
      fssm (>= 0.2.7)
      sass (~> 3.2.19)
    fssm (0.2.10)
    http_router (0.11.1)
      rack (>= 1.0.0)
      url_mount (~> 0.2.1)
    i18n (0.6.9)
    json (1.8.1)
    mail (2.5.4)
      mime-types (~> 1.16)
      treetop (~> 1.4.8)
    mime-types (1.25.1)
    minitest (5.3.3)
    moneta (0.7.20)
    padrino (0.12.1)
      padrino-admin (= 0.12.1)
      padrino-cache (= 0.12.1)
      padrino-core (= 0.12.1)
      padrino-gen (= 0.12.1)
      padrino-helpers (= 0.12.1)
      padrino-mailer (= 0.12.1)
      padrino-support (= 0.12.1)
    padrino-admin (0.12.1)
      padrino-core (= 0.12.1)
      padrino-helpers (= 0.12.1)
    padrino-cache (0.12.1)
      moneta (~> 0.7.0)
      padrino-core (= 0.12.1)
      padrino-helpers (= 0.12.1)
    padrino-core (0.12.1)
      activesupport (>= 3.1)
      http_router (~> 0.11.0)
      padrino-support (= 0.12.1)
      rack-protection (>= 1.5.0)
      sinatra (~> 1.4.2)
      thor (~> 0.18.0)
    padrino-gen (0.12.1)
      bundler (~> 1.0)
      padrino-core (= 0.12.1)
    padrino-helpers (0.12.1)
      i18n (~> 0.6, >= 0.6.7)
      padrino-support (= 0.12.1)
      tilt (~> 1.4.1)
    padrino-mailer (0.12.1)
      mail (~> 2.5.3)
      padrino-core (= 0.12.1)
    padrino-support (0.12.1)
      activesupport (>= 3.1)
    pg (0.17.1)
    polyglot (0.3.4)
    rack (1.5.2)
    rack-protection (1.5.3)
      rack
    rake (10.3.1)
    sass (3.2.19)
    sinatra (1.4.5)
      rack (~> 1.4)
      rack-protection (~> 1.4)
      tilt (~> 1.3, >= 1.3.4)
    sinatra-activerecord (2.0.1)
      activerecord (>= 3.2)
      sinatra (~> 1.0)
    slim (2.0.2)
      temple (~> 0.6.6)
      tilt (>= 1.3.3, < 2.1)
    temple (0.6.7)
    thor (0.18.1)
    thread_safe (0.3.3)
    tilt (1.4.1)
    treetop (1.4.15)
      polyglot
      polyglot (>= 0.3.1)
    tzinfo (1.1.0)
      thread_safe (~> 0.1)
    url_mount (0.2.1)
      rack

PLATFORMS
  ruby

DEPENDENCIES
  activerecord
  bootstrap-sass (~> 2.3.2)
  compass (~> 0.12.6)
  padrino
  pg
  rake
  sass
  sinatra
  sinatra-activerecord
  slim
